GEM
  remote: https://rubygems.org/
  specs:
    sass (3.4.22)

PLATFORMS
  ruby

DEPENDENCIES
  sass

RUBY VERSION
   ruby 2.3.1p112

BUNDLED WITH
   1.13.6
